GEM
  specs:
    CFPropertyList (2.1.1)
    builder (3.0.0)
    calabash-cucumber (0.9.80.pre.5)
      CFPropertyList
      cucumber
      json
      location-one (~> 0.0.5)
      sim_launcher (= 0.3.8)
      slowhandcuke
    cucumber (1.2.1)
      builder (>= 2.1.2)
      diff-lcs (>= 1.1.3)
      gherkin (~> 2.11.0)
      json (>= 1.4.6)
    diff-lcs (1.1.3)
    geocoder (1.1.2)
    gherkin (2.11.1)
      json (>= 1.4.6)
    json (1.7.4)
    location-one (0.0.5)
      geocoder (~> 1.1)
      json
    rack (1.4.1)
    rack-protection (1.2.0)
      rack
    rake (0.9.2.2)
    sim_launcher (0.3.8)
      sinatra
    sinatra (1.3.2)
      rack (~> 1.3, >= 1.3.6)
      rack-protection (~> 1.2)
      tilt (~> 1.3, >= 1.3.3)
    slowhandcuke (0.0.3)
      cucumber
    tilt (1.3.3)

PLATFORMS
  ruby

DEPENDENCIES
  calabash-cucumber (= 0.9.80.pre.5)
  rake
